GEM
  remote: https://rubygems.org/
  specs:
    deepl-rb (2.3.1)
    json (2.3.0)

PLATFORMS
  x86_64-linux

DEPENDENCIES
  deepl-rb
  json

BUNDLED WITH
   2.3.4
